NUGET
  remote: https://www.nuget.org/api/v2
  specs:
    BouncyCastle (1.7.0) - framework: >= net40
    FSharp.Data (2.2.5)
      Zlib.Portable (>= 1.10.0) - framework: portable-net40+sl50+wp80+win80
    Google.Apis (1.10.0)
      Google.Apis.Core (>= 1.10.0)
      log4net (>= 2.0.3) - framework: >= net40
      Zlib.Portable.Signed (>= 1.11.0)
    Google.Apis.Auth (1.10.0)
      BouncyCastle (>= 1.7.0) - framework: >= net40
      Google.Apis.Core (>= 1.10.0)
    Google.Apis.Core (1.10.0)
      Microsoft.Bcl (>= 1.1.10)
      Microsoft.Bcl.Async (>= 1.0.168)
      Microsoft.Bcl.Build (>= 1.0.21)
      Microsoft.Net.Http (>= 2.2.29)
      Newtonsoft.Json (>= 7.0.1)
    Google.Apis.YouTube.v3 (1.10.0.1590)
      Google.Apis (>= 1.10.0)
      Google.Apis.Auth (>= 1.10.0)
    log4net (2.0.5) - framework: >= net40
    Microsoft.Bcl (1.1.10)
      Microsoft.Bcl.Build (>= 1.0.14)
    Microsoft.Bcl.Async (1.0.168)
      Microsoft.Bcl (>= 1.1.8)
    Microsoft.Bcl.Build (1.0.21) - import_targets: false
    Microsoft.Net.Http (2.2.29)
      Microsoft.Bcl (>= 1.1.10)
      Microsoft.Bcl.Build (>= 1.0.14)
    Newtonsoft.Json (8.0.2)
    Zlib.Portable (1.11.0) - framework: portable-net40+sl50+wp80+win80
    Zlib.Portable.Signed (1.11.0)
